GEM
  specs:
    coderay (1.1.0)
    method_source (0.8.2)
    mime-types (1.25.1)
    mini_portile (0.5.3)
    nokogiri (1.6.1)
      mini_portile (~> 0.5.0)
    pry (0.9.12.6)
      coderay (~> 1.0)
      method_source (~> 0.8)
      slop (~> 3.4)
    pry-nav (0.2.3)
      pry (~> 0.9.10)
    rest-client (1.6.7)
      mime-types (>= 1.16)
    slop (3.5.0)

PLATFORMS
  ruby

DEPENDENCIES
  nokogiri
  pry
  pry-nav
  rest-client
